GEM
  remote: https://rubygems.org/
  specs:
    awesome_print (1.6.1)
    git (1.2.9.1)
    logger (1.2.8)

PLATFORMS
  ruby

DEPENDENCIES
  awesome_print
  git (~> 1.2.9)
  logger
