GEM
  remote: https://rubygems.org/
  specs:
    git (1.2.9.1)
    logger (1.2.8)

PLATFORMS
  ruby

DEPENDENCIES
  git (~> 1.2.9)
  logger
