GEM
  remote: https://rubygems.org/
  specs:
    airbrake (4.3.4)
      builder
      multi_json
    awesome_print (1.6.1)
    builder (3.2.2)
    git (1.2.9.1)
    logger (1.2.8)
    multi_json (1.11.2)

PLATFORMS
  ruby

DEPENDENCIES
  airbrake
  awesome_print
  git (~> 1.2.9)
  logger
